GEM
  remote: http://rubygems.org/
  specs:
    activemodel (4.1.1)
      activesupport (= 4.1.1)
      builder (~> 3.1)
    activesupport (4.1.1)
      i18n (~> 0.6, >= 0.6.9)
      json (~> 1.7, >= 1.7.7)
      minitest (~> 5.1)
      thread_safe (~> 0.1)
      tzinfo (~> 1.1)
    bson (1.10.1)
    bson_ext (1.10.1)
      bson (~> 1.10.1)
    builder (3.2.2)
    capistrano (3.2.1)
      i18n
      rake (>= 10.0.0)
      sshkit (~> 1.3)
    capistrano-bundler (1.1.2)
      capistrano (~> 3.0)
      sshkit (~> 1.2)
    colorize (0.7.3)
    diffbot (0.1.6)
      excon
      hashie
      nokogiri (~> 1.5.0)
      yajl-ruby
    emk-sinatra-url-for (0.2.1)
      sinatra (>= 0.9.1.1)
    excon (0.34.0)
    faraday (0.9.0)
      multipart-post (>= 1.2, < 3)
    feedzirra (0.8.0)
    haml (4.0.5)
      tilt
    hashie (2.1.1)
    htmlentities (4.3.2)
    i18n (0.6.9)
    jwt (1.0.0)
    loofah (2.0.0)
      nokogiri (>= 1.5.9)
    mail (2.6.0)
      mime-types (>= 1.16, < 3)
    mime (0.4.1)
    mime-types (2.3)
    minitest (5.3.4)
    mongo (1.10.1)
      bson (~> 1.10.1)
    mongo_mapper (0.13.0)
      activemodel (>= 3.0.0)
      activesupport (>= 3.0)
      mongo (~> 1.8)
      plucky (~> 0.6.5)
    multi_json (1.10.1)
    multi_xml (0.5.5)
    multipart-post (2.0.0)
    net-scp (1.2.1)
      net-ssh (>= 2.6.5)
    net-ssh (2.9.1)
    nokogiri (1.5.11)
    oauth2 (0.9.4)
      faraday (>= 0.8, < 0.10)
      jwt (~> 1.0)
      multi_json (~> 1.3)
      multi_xml (~> 0.5)
      rack (~> 1.2)
    omniauth (1.2.1)
      hashie (>= 1.2, < 3)
      rack (~> 1.0)
    omniauth-facebook (1.6.0)
      omniauth-oauth2 (~> 1.1)
    omniauth-oauth2 (1.1.2)
      faraday (>= 0.8, < 0.10)
      multi_json (~> 1.3)
      oauth2 (~> 0.9.3)
      omniauth (~> 1.2)
    plucky (0.6.6)
      mongo (~> 1.5)
    pony (1.8)
      mail (>= 2.0)
    rack (1.3.5)
    rack-protection (1.5.3)
      rack
    rake (10.3.2)
    redis (3.0.7)
    ruby-gmail (0.3.1)
      mail (>= 2.2.1)
      mime (>= 0.1)
      shared-mime-info
    sass (3.3.8)
    shared-mime-info (0.2.5)
    shotgun (0.9)
      rack (>= 1.0)
    sinatra (1.3.1)
      rack (~> 1.3, >= 1.3.4)
      rack (~> 1.3, >= 1.3.4)
      rack-protection (~> 1.1, >= 1.1.2)
      rack-protection (~> 1.1, >= 1.1.2)
      tilt (~> 1.3, >= 1.3.3)
      tilt (~> 1.3, >= 1.3.3)
    sshkit (1.5.1)
      colorize
      net-scp (>= 1.1.2)
      net-ssh (>= 2.8.0)
    thread_safe (0.3.4)
    tilt (1.4.1)
    tzinfo (1.2.1)
      thread_safe (~> 0.1)
    yajl-ruby (1.2.0)

PLATFORMS
  ruby

DEPENDENCIES
  bson_ext
  capistrano (~> 3.2.0)
  capistrano-bundler (~> 1.1.2)
  diffbot
  emk-sinatra-url-for
  feedzirra
  haml
  htmlentities
  i18n
  json
  loofah
  mime
  mongo_mapper
  omniauth
  omniauth-facebook
  pony
  rack (= 1.3.5)
  redis
  ruby-gmail
  sass
  shotgun
  sinatra (= 1.3.1)
